GEM
  remote: https://rubygems.org/
  specs:
    holiday_jp (0.8.1)
    slack-incoming-webhooks (0.3.0)

PLATFORMS
  ruby

DEPENDENCIES
  holiday_jp
  slack-incoming-webhooks

BUNDLED WITH
   2.5.6
